PATH
  remote: .
  specs:
    step-track (0.6.0)

GEM
  remote: https://rubygems.org/
  specs:
    minitest (5.10.1)

PLATFORMS
  ruby

DEPENDENCIES
  minitest (~> 5.10)
  step-track!

BUNDLED WITH
   1.17.3
