PATH
  remote: .
  specs:
    step-track (0.0.1)

GEM
  remote: https://rubygems.org/
  specs:
    minitest (5.10.1)

PLATFORMS
  ruby

DEPENDENCIES
  minitest
  step-track!

BUNDLED WITH
   1.13.7
